GEM
  remote: http://rubygems.org/
  specs:
    activemodel (3.2.11)
      activesupport (= 3.2.11)
      builder (~> 3.0.0)
    activesupport (3.2.11)
      i18n (~> 0.6)
      multi_json (~> 1.0)
    backports (2.7.1)
    builder (3.0.4)
    carrierwave (0.8.0)
      activemodel (>= 3.2.0)
      activesupport (>= 3.2.0)
    contest (0.1.3)
    daemons (1.1.9)
    eventmachine (1.0.0)
    excon (0.16.10)
    flay (1.4.3)
      ruby_parser (~> 2.0)
      sexp_processor (~> 3.0)
    flog (2.5.3)
      ruby_parser (~> 2.0)
      sexp_processor (~> 3.0)
    fog (1.6.0)
      builder
      excon (~> 0.14)
      formatador (~> 0.2.0)
      mime-types
      multi_json (~> 1.0)
      net-scp (~> 1.0.4)
      net-ssh (>= 2.1.3)
      nokogiri (~> 1.5.0)
      ruby-hmac
    formatador (0.2.4)
    i18n (0.6.1)
    json (1.7.6)
    macaddr (1.6.1)
      systemu (~> 2.5.0)
    metaclass (0.0.1)
    mime-types (1.19)
    mocha (0.13.2)
      metaclass (~> 0.0.1)
    multi_json (1.5.0)
    net-scp (1.0.4)
      net-ssh (>= 1.99.1)
    net-ssh (2.6.3)
    nokogiri (1.5.6)
    pg (0.14.1)
    rack (1.5.1)
    rack-protection (1.3.2)
      rack
    rack-test (0.6.2)
      rack (>= 1.0)
    rake (10.0.3)
    rdoc (3.12)
      json (~> 1.4)
    ruby-hmac (0.4.0)
    ruby_parser (2.3.1)
      sexp_processor (~> 3.0)
    sequel (3.40.0)
    sexp_processor (3.2.0)
    simplecov (0.7.1)
      multi_json (~> 1.0)
      simplecov-html (~> 0.7.1)
    simplecov-html (0.7.1)
    sinatra (1.3.4)
      rack (~> 1.4)
      rack-protection (~> 1.3)
      tilt (~> 1.3, >= 1.3.3)
    sinatra-contrib (1.3.2)
      backports (>= 2.0)
      eventmachine
      rack-protection
      rack-test
      sinatra (~> 1.3.0)
      tilt (~> 1.3)
    sqlite3 (1.3.7)
    systemu (2.5.2)
    thin (1.5.0)
      daemons (>= 1.0.9)
      eventmachine (>= 0.12.6)
      rack (>= 1.0.0)
    tilt (1.3.3)
    uuid (2.3.6)
      macaddr (~> 1.0)

PLATFORMS
  ruby

DEPENDENCIES
  carrierwave (~> 0.8.0)
  contest (~> 0.1.3)
  flay (~> 1.4.3)
  flog (~> 2.5.3)
  fog (~> 1.6.0)
  json (~> 1.7.5)
  mocha (~> 0.13.0)
  pg (~> 0.14.1)
  rack-test (~> 0.6.2)
  rake (~> 10.0.2)
  rdoc (~> 3.12)
  sequel (~> 3.40.0)
  simplecov (~> 0.7.1)
  sinatra (~> 1.3.3)
  sinatra-contrib (~> 1.3.2)
  sqlite3 (~> 1.3.6)
  thin (~> 1.5.0)
  uuid (~> 2.3.6)
